GEM
  remote: https://rubygems.org/
  specs:
    msgpack (1.7.0)

PLATFORMS
  arm64-darwin-21

DEPENDENCIES
  msgpack (= 1.7.0)

BUNDLED WITH
   2.3.26
